GIT
  remote: git://github.com/ejholmes/active_admin_editor.git
  revision: 86f964be3071cd938c3cd17ad00df94ece3a50c0
  specs:
    active_admin_editor (1.1.0)
      activeadmin (>= 0.4.0)
      ejs
      rails (>= 3.0.0)

GEM
  remote: https://rubygems.org/
  specs:
    actionmailer (4.2.8)
      actionpack (= 4.2.8)
      actionview (= 4.2.8)
      activejob (= 4.2.8)
      mail (~> 2.5, >= 2.5.4)
      rails-dom-testing (~> 1.0, >= 1.0.5)
    actionpack (4.2.8)
      actionview (= 4.2.8)
      activesupport (= 4.2.8)
      rack (~> 1.6)
      rack-test (~> 0.6.2)
      rails-dom-testing (~> 1.0, >= 1.0.5)
      rails-html-sanitizer (~> 1.0, >= 1.0.2)
    actionview (4.2.8)
      activesupport (= 4.2.8)
      builder (~> 3.1)
      erubis (~> 2.7.0)
      rails-dom-testing (~> 1.0, >= 1.0.5)
      rails-html-sanitizer (~> 1.0, >= 1.0.3)
    activeadmin (1.1.0)
      arbre (>= 1.1.1)
      coffee-rails
      formtastic (~> 3.1)
      formtastic_i18n
      inherited_resources (~> 1.7)
      jquery-rails
      kaminari (>= 0.15, < 2.0)
      railties (>= 4.2, < 5.2)
      ransack (~> 1.3)
      sass (~> 3.1)
      sprockets (< 4.1)
    activeadmin-globalize (1.0.0.pre)
      activeadmin (>= 1.0, < 1.2)
      globalize (>= 3.1.0, < 6.0)
    activejob (4.2.8)
      activesupport (= 4.2.8)
      globalid (>= 0.3.0)
    activemodel (4.2.8)
      activesupport (= 4.2.8)
      builder (~> 3.1)
    activerecord (4.2.8)
      activemodel (= 4.2.8)
      activesupport (= 4.2.8)
      arel (~> 6.0)
    activesupport (4.2.8)
      i18n (~> 0.7)
      minitest (~> 5.1)
      thread_safe (~> 0.3, >= 0.3.4)
      tzinfo (~> 1.1)
    addressable (2.8.0)
      public_suffix (>= 2.0.2, < 5.0)
    arbre (1.2.1)
      activesupport (>= 3.0.0)
    arel (6.0.4)
    aws-eventstream (1.1.0)
    aws-partitions (1.341.0)
    aws-sdk (3.0.1)
      aws-sdk-resources (~> 3)
    aws-sdk-accessanalyzer (1.9.0)
      aws-sdk-core (~> 3, >= 3.99.0)
      aws-sigv4 (~> 1.1)
    aws-sdk-acm (1.34.0)
      aws-sdk-core (~> 3, >= 3.99.0)
      aws-sigv4 (~> 1.1)
    aws-sdk-acmpca (1.26.0)
      aws-sdk-core (~> 3, >= 3.99.0)
      aws-sigv4 (~> 1.1)
    aws-sdk-alexaforbusiness (1.40.0)
      aws-sdk-core (~> 3, >= 3.99.0)
      aws-sigv4 (~> 1.1)
    aws-sdk-amplify (1.21.0)
      aws-sdk-core (~> 3, >= 3.99.0)
      aws-sigv4 (~> 1.1)
    aws-sdk-apigateway (1.48.0)
      aws-sdk-core (~> 3, >= 3.99.0)
      aws-sigv4 (~> 1.1)
    aws-sdk-apigatewaymanagementapi (1.16.0)
      aws-sdk-core (~> 3, >= 3.99.0)
      aws-sigv4 (~> 1.1)
    aws-sdk-apigatewayv2 (1.23.0)
      aws-sdk-core (~> 3, >= 3.99.0)
      aws-sigv4 (~> 1.1)
    aws-sdk-appconfig (1.9.0)
      aws-sdk-core (~> 3, >= 3.99.0)
      aws-sigv4 (~> 1.1)
    aws-sdk-applicationautoscaling (1.43.0)
      aws-sdk-core (~> 3, >= 3.99.0)
      aws-sigv4 (~> 1.1)
    aws-sdk-applicationdiscoveryservice (1.30.0)
      aws-sdk-core (~> 3, >= 3.99.0)
      aws-sigv4 (~> 1.1)
    aws-sdk-applicationinsights (1.12.0)
      aws-sdk-core (~> 3, >= 3.99.0)
      aws-sigv4 (~> 1.1)
    aws-sdk-appmesh (1.28.0)
      aws-sdk-core (~> 3, >= 3.99.0)
      aws-sigv4 (~> 1.1)
    aws-sdk-appstream (1.44.0)
      aws-sdk-core (~> 3, >= 3.99.0)
      aws-sigv4 (~> 1.1)
    aws-sdk-appsync (1.29.0)
      aws-sdk-core (~> 3, >= 3.99.0)
      aws-sigv4 (~> 1.1)
    aws-sdk-athena (1.30.0)
      aws-sdk-core (~> 3, >= 3.99.0)
      aws-sigv4 (~> 1.1)
    aws-sdk-augmentedairuntime (1.7.0)
      aws-sdk-core (~> 3, >= 3.99.0)
      aws-sigv4 (~> 1.1)
    aws-sdk-autoscaling (1.43.0)
      aws-sdk-core (~> 3, >= 3.99.0)
      aws-sigv4 (~> 1.1)
    aws-sdk-autoscalingplans (1.25.0)
      aws-sdk-core (~> 3, >= 3.99.0)
      aws-sigv4 (~> 1.1)
    aws-sdk-backup (1.18.0)
      aws-sdk-core (~> 3, >= 3.99.0)
      aws-sigv4 (~> 1.1)
    aws-sdk-batch (1.34.0)
      aws-sdk-core (~> 3, >= 3.99.0)
      aws-sigv4 (~> 1.1)
    aws-sdk-budgets (1.32.0)
      aws-sdk-core (~> 3, >= 3.99.0)
      aws-sigv4 (~> 1.1)
    aws-sdk-chime (1.32.0)
      aws-sdk-core (~> 3, >= 3.99.0)
      aws-sigv4 (~> 1.1)
    aws-sdk-cloud9 (1.25.0)
      aws-sdk-core (~> 3, >= 3.99.0)
      aws-sigv4 (~> 1.1)
    aws-sdk-clouddirectory (1.26.0)
      aws-sdk-core (~> 3, >= 3.99.0)
      aws-sigv4 (~> 1.1)
    aws-sdk-cloudformation (1.41.0)
      aws-sdk-core (~> 3, >= 3.99.0)
      aws-sigv4 (~> 1.1)
    aws-sdk-cloudfront (1.34.0)
      aws-sdk-core (~> 3, >= 3.99.0)
      aws-sigv4 (~> 1.1)
    aws-sdk-cloudhsm (1.24.0)
      aws-sdk-core (~> 3, >= 3.99.0)
      aws-sigv4 (~> 1.1)
    aws-sdk-cloudhsmv2 (1.27.0)
      aws-sdk-core (~> 3, >= 3.99.0)
      aws-sigv4 (~> 1.1)
    aws-sdk-cloudsearch (1.23.0)
      aws-sdk-core (~> 3, >= 3.99.0)
      aws-sigv4 (~> 1.1)
    aws-sdk-cloudsearchdomain (1.19.0)
      aws-sdk-core (~> 3, >= 3.99.0)
      aws-sigv4 (~> 1.1)
    aws-sdk-cloudtrail (1.26.0)
      aws-sdk-core (~> 3, >= 3.99.0)
      aws-sigv4 (~> 1.1)
    aws-sdk-cloudwatch (1.41.0)
      aws-sdk-core (~> 3, >= 3.99.0)
      aws-sigv4 (~> 1.1)
    aws-sdk-cloudwatchevents (1.33.0)
      aws-sdk-core (~> 3, >= 3.99.0)
      aws-sigv4 (~> 1.1)
    aws-sdk-cloudwatchlogs (1.34.0)
      aws-sdk-core (~> 3, >= 3.99.0)
      aws-sigv4 (~> 1.1)
    aws-sdk-codeartifact (1.1.0)
      aws-sdk-core (~> 3, >= 3.99.0)
      aws-sigv4 (~> 1.1)
    aws-sdk-codebuild (1.56.0)
      aws-sdk-core (~> 3, >= 3.99.0)
      aws-sigv4 (~> 1.1)
    aws-sdk-codecommit (1.37.0)
      aws-sdk-core (~> 3, >= 3.99.0)
      aws-sigv4 (~> 1.1)
    aws-sdk-codedeploy (1.34.0)
      aws-sdk-core (~> 3, >= 3.99.0)
      aws-sigv4 (~> 1.1)
    aws-sdk-codeguruprofiler (1.8.0)
      aws-sdk-core (~> 3, >= 3.99.0)
      aws-sigv4 (~> 1.1)
    aws-sdk-codegurureviewer (1.9.0)
      aws-sdk-core (~> 3, >= 3.99.0)
      aws-sigv4 (~> 1.1)
    aws-sdk-codepipeline (1.34.0)
      aws-sdk-core (~> 3, >= 3.99.0)
      aws-sigv4 (~> 1.1)
    aws-sdk-codestar (1.24.0)
      aws-sdk-core (~> 3, >= 3.99.0)
      aws-sigv4 (~> 1.1)
    aws-sdk-codestarconnections (1.7.0)
      aws-sdk-core (~> 3, >= 3.99.0)
      aws-sigv4 (~> 1.1)
    aws-sdk-codestarnotifications (1.5.0)
      aws-sdk-core (~> 3, >= 3.99.0)
      aws-sigv4 (~> 1.1)
    aws-sdk-cognitoidentity (1.24.0)
      aws-sdk-core (~> 3, >= 3.99.0)
      aws-sigv4 (~> 1.1)
    aws-sdk-cognitoidentityprovider (1.42.0)
      aws-sdk-core (~> 3, >= 3.99.0)
      aws-sigv4 (~> 1.1)
    aws-sdk-cognitosync (1.21.0)
      aws-sdk-core (~> 3, >= 3.99.0)
      aws-sigv4 (~> 1.1)
    aws-sdk-comprehend (1.35.0)
      aws-sdk-core (~> 3, >= 3.99.0)
      aws-sigv4 (~> 1.1)
    aws-sdk-comprehendmedical (1.20.0)
      aws-sdk-core (~> 3, >= 3.99.0)
      aws-sigv4 (~> 1.1)
    aws-sdk-computeoptimizer (1.5.0)
      aws-sdk-core (~> 3, >= 3.99.0)
      aws-sigv4 (~> 1.1)
    aws-sdk-configservice (1.48.0)
      aws-sdk-core (~> 3, >= 3.99.0)
      aws-sigv4 (~> 1.1)
    aws-sdk-connect (1.28.0)
      aws-sdk-core (~> 3, >= 3.99.0)
      aws-sigv4 (~> 1.1)
    aws-sdk-connectparticipant (1.5.0)
      aws-sdk-core (~> 3, >= 3.99.0)
      aws-sigv4 (~> 1.1)
    aws-sdk-core (3.103.0)
      aws-eventstream (~> 1, >= 1.0.2)
      aws-partitions (~> 1, >= 1.239.0)
      aws-sigv4 (~> 1.1)
      jmespath (~> 1.0)
    aws-sdk-costandusagereportservice (1.24.0)
      aws-sdk-core (~> 3, >= 3.99.0)
      aws-sigv4 (~> 1.1)
    aws-sdk-costexplorer (1.45.0)
      aws-sdk-core (~> 3, >= 3.99.0)
      aws-sigv4 (~> 1.1)
    aws-sdk-databasemigrationservice (1.38.0)
      aws-sdk-core (~> 3, >= 3.99.0)
      aws-sigv4 (~> 1.1)
    aws-sdk-dataexchange (1.7.0)
      aws-sdk-core (~> 3, >= 3.99.0)
      aws-sigv4 (~> 1.1)
    aws-sdk-datapipeline (1.21.0)
      aws-sdk-core (~> 3, >= 3.99.0)
      aws-sigv4 (~> 1.1)
    aws-sdk-datasync (1.22.0)
      aws-sdk-core (~> 3, >= 3.99.0)
      aws-sigv4 (~> 1.1)
    aws-sdk-dax (1.24.0)
      aws-sdk-core (~> 3, >= 3.99.0)
      aws-sigv4 (~> 1.1)
    aws-sdk-detective (1.8.0)
      aws-sdk-core (~> 3, >= 3.99.0)
      aws-sigv4 (~> 1.1)
    aws-sdk-devicefarm (1.36.0)
      aws-sdk-core (~> 3, >= 3.99.0)
      aws-sigv4 (~> 1.1)
    aws-sdk-directconnect (1.33.0)
      aws-sdk-core (~> 3, >= 3.99.0)
      aws-sigv4 (~> 1.1)
    aws-sdk-directoryservice (1.31.0)
      aws-sdk-core (~> 3, >= 3.99.0)
      aws-sigv4 (~> 1.1)
    aws-sdk-dlm (1.31.0)
      aws-sdk-core (~> 3, >= 3.99.0)
      aws-sigv4 (~> 1.1)
    aws-sdk-docdb (1.20.0)
      aws-sdk-core (~> 3, >= 3.99.0)
      aws-sigv4 (~> 1.1)
    aws-sdk-dynamodb (1.51.0)
      aws-sdk-core (~> 3, >= 3.99.0)
      aws-sigv4 (~> 1.1)
    aws-sdk-dynamodbstreams (1.21.0)
      aws-sdk-core (~> 3, >= 3.99.0)
      aws-sigv4 (~> 1.1)
    aws-sdk-ebs (1.7.0)
      aws-sdk-core (~> 3, >= 3.99.0)
      aws-sigv4 (~> 1.1)
    aws-sdk-ec2 (1.176.0)
      aws-sdk-core (~> 3, >= 3.99.0)
      aws-sigv4 (~> 1.1)
    aws-sdk-ec2instanceconnect (1.8.0)
      aws-sdk-core (~> 3, >= 3.99.0)
      aws-sigv4 (~> 1.1)
    aws-sdk-ecr (1.34.0)
      aws-sdk-core (~> 3, >= 3.99.0)
      aws-sigv4 (~> 1.1)
    aws-sdk-ecs (1.67.0)
      aws-sdk-core (~> 3, >= 3.99.0)
      aws-sigv4 (~> 1.1)
    aws-sdk-efs (1.33.0)
      aws-sdk-core (~> 3, >= 3.99.0)
      aws-sigv4 (~> 1.1)
    aws-sdk-eks (1.39.0)
      aws-sdk-core (~> 3, >= 3.99.0)
      aws-sigv4 (~> 1.1)
    aws-sdk-elasticache (1.40.0)
      aws-sdk-core (~> 3, >= 3.99.0)
      aws-sigv4 (~> 1.1)
    aws-sdk-elasticbeanstalk (1.34.0)
      aws-sdk-core (~> 3, >= 3.99.0)
      aws-sigv4 (~> 1.1)
    aws-sdk-elasticinference (1.7.0)
      aws-sdk-core (~> 3, >= 3.99.0)
      aws-sigv4 (~> 1.1)
    aws-sdk-elasticloadbalancing (1.25.0)
      aws-sdk-core (~> 3, >= 3.99.0)
      aws-sigv4 (~> 1.1)
    aws-sdk-elasticloadbalancingv2 (1.47.0)
      aws-sdk-core (~> 3, >= 3.99.0)
      aws-sigv4 (~> 1.1)
    aws-sdk-elasticsearchservice (1.39.0)
      aws-sdk-core (~> 3, >= 3.99.0)
      aws-sigv4 (~> 1.1)
    aws-sdk-elastictranscoder (1.24.0)
      aws-sdk-core (~> 3, >= 3.99.0)
      aws-sigv4 (~> 1.1)
    aws-sdk-emr (1.34.0)
      aws-sdk-core (~> 3, >= 3.99.0)
      aws-sigv4 (~> 1.1)
    aws-sdk-eventbridge (1.11.0)
      aws-sdk-core (~> 3, >= 3.99.0)
      aws-sigv4 (~> 1.1)
    aws-sdk-firehose (1.31.0)
      aws-sdk-core (~> 3, >= 3.99.0)
      aws-sigv4 (~> 1.1)
    aws-sdk-fms (1.28.0)
      aws-sdk-core (~> 3, >= 3.99.0)
      aws-sigv4 (~> 1.1)
    aws-sdk-forecastqueryservice (1.7.0)
      aws-sdk-core (~> 3, >= 3.99.0)
      aws-sigv4 (~> 1.1)
    aws-sdk-forecastservice (1.8.0)
      aws-sdk-core (~> 3, >= 3.99.0)
      aws-sigv4 (~> 1.1)
    aws-sdk-frauddetector (1.6.0)
      aws-sdk-core (~> 3, >= 3.99.0)
      aws-sigv4 (~> 1.1)
    aws-sdk-fsx (1.23.0)
      aws-sdk-core (~> 3, >= 3.99.0)
      aws-sigv4 (~> 1.1)
    aws-sdk-gamelift (1.34.0)
      aws-sdk-core (~> 3, >= 3.99.0)
      aws-sigv4 (~> 1.1)
    aws-sdk-glacier (1.32.0)
      aws-sdk-core (~> 3, >= 3.99.0)
      aws-sigv4 (~> 1.1)
    aws-sdk-globalaccelerator (1.20.0)
      aws-sdk-core (~> 3, >= 3.99.0)
      aws-sigv4 (~> 1.1)
    aws-sdk-glue (1.63.0)
      aws-sdk-core (~> 3, >= 3.99.0)
      aws-sigv4 (~> 1.1)
    aws-sdk-greengrass (1.33.0)
      aws-sdk-core (~> 3, >= 3.99.0)
      aws-sigv4 (~> 1.1)
    aws-sdk-groundstation (1.10.0)
      aws-sdk-core (~> 3, >= 3.99.0)
      aws-sigv4 (~> 1.1)
    aws-sdk-guardduty (1.36.0)
      aws-sdk-core (~> 3, >= 3.99.0)
      aws-sigv4 (~> 1.1)
    aws-sdk-health (1.27.0)
      aws-sdk-core (~> 3, >= 3.99.0)
      aws-sigv4 (~> 1.1)
    aws-sdk-honeycode (1.0.0)
      aws-sdk-core (~> 3, >= 3.99.0)
      aws-sigv4 (~> 1.1)
    aws-sdk-iam (1.43.0)
      aws-sdk-core (~> 3, >= 3.99.0)
      aws-sigv4 (~> 1.1)
    aws-sdk-imagebuilder (1.11.0)
      aws-sdk-core (~> 3, >= 3.99.0)
      aws-sigv4 (~> 1.1)
    aws-sdk-importexport (1.21.0)
      aws-sdk-core (~> 3, >= 3.99.0)
      aws-sigv2 (~> 1.0)
    aws-sdk-inspector (1.29.0)
      aws-sdk-core (~> 3, >= 3.99.0)
      aws-sigv4 (~> 1.1)
    aws-sdk-iot (1.54.0)
      aws-sdk-core (~> 3, >= 3.99.0)
      aws-sigv4 (~> 1.1)
    aws-sdk-iot1clickdevicesservice (1.23.0)
      aws-sdk-core (~> 3, >= 3.99.0)
      aws-sigv4 (~> 1.1)
    aws-sdk-iot1clickprojects (1.23.0)
      aws-sdk-core (~> 3, >= 3.99.0)
      aws-sigv4 (~> 1.1)
    aws-sdk-iotanalytics (1.31.0)
      aws-sdk-core (~> 3, >= 3.99.0)
      aws-sigv4 (~> 1.1)
    aws-sdk-iotdataplane (1.23.0)
      aws-sdk-core (~> 3, >= 3.99.0)
      aws-sigv4 (~> 1.1)
    aws-sdk-iotevents (1.17.0)
      aws-sdk-core (~> 3, >= 3.99.0)
      aws-sigv4 (~> 1.1)
    aws-sdk-ioteventsdata (1.10.0)
      aws-sdk-core (~> 3, >= 3.99.0)
      aws-sigv4 (~> 1.1)
    aws-sdk-iotjobsdataplane (1.22.0)
      aws-sdk-core (~> 3, >= 3.99.0)
      aws-sigv4 (~> 1.1)
    aws-sdk-iotsecuretunneling (1.5.0)
      aws-sdk-core (~> 3, >= 3.99.0)
      aws-sigv4 (~> 1.1)
    aws-sdk-iotsitewise (1.7.0)
      aws-sdk-core (~> 3, >= 3.99.0)
      aws-sigv4 (~> 1.1)
    aws-sdk-iotthingsgraph (1.9.0)
      aws-sdk-core (~> 3, >= 3.99.0)
      aws-sigv4 (~> 1.1)
    aws-sdk-kafka (1.23.0)
      aws-sdk-core (~> 3, >= 3.99.0)
      aws-sigv4 (~> 1.1)
    aws-sdk-kendra (1.8.0)
      aws-sdk-core (~> 3, >= 3.99.0)
      aws-sigv4 (~> 1.1)
    aws-sdk-kinesis (1.26.0)
      aws-sdk-core (~> 3, >= 3.99.0)
      aws-sigv4 (~> 1.1)
    aws-sdk-kinesisanalytics (1.26.0)
      aws-sdk-core (~> 3, >= 3.99.0)
      aws-sigv4 (~> 1.1)
    aws-sdk-kinesisanalyticsv2 (1.18.0)
      aws-sdk-core (~> 3, >= 3.99.0)
      aws-sigv4 (~> 1.1)
    aws-sdk-kinesisvideo (1.27.0)
      aws-sdk-core (~> 3, >= 3.99.0)
      aws-sigv4 (~> 1.1)
    aws-sdk-kinesisvideoarchivedmedia (1.26.0)
      aws-sdk-core (~> 3, >= 3.99.0)
      aws-sigv4 (~> 1.1)
    aws-sdk-kinesisvideomedia (1.23.0)
      aws-sdk-core (~> 3, >= 3.99.0)
      aws-sigv4 (~> 1.1)
    aws-sdk-kinesisvideosignalingchannels (1.5.0)
      aws-sdk-core (~> 3, >= 3.99.0)
      aws-sigv4 (~> 1.1)
    aws-sdk-kms (1.36.0)
      aws-sdk-core (~> 3, >= 3.99.0)
      aws-sigv4 (~> 1.1)
    aws-sdk-lakeformation (1.7.0)
      aws-sdk-core (~> 3, >= 3.99.0)
      aws-sigv4 (~> 1.1)
    aws-sdk-lambda (1.46.0)
      aws-sdk-core (~> 3, >= 3.99.0)
      aws-sigv4 (~> 1.1)
    aws-sdk-lambdapreview (1.21.0)
      aws-sdk-core (~> 3, >= 3.99.0)
      aws-sigv4 (~> 1.1)
    aws-sdk-lex (1.28.0)
      aws-sdk-core (~> 3, >= 3.99.0)
      aws-sigv4 (~> 1.1)
    aws-sdk-lexmodelbuildingservice (1.33.0)
      aws-sdk-core (~> 3, >= 3.99.0)
      aws-sigv4 (~> 1.1)
    aws-sdk-licensemanager (1.16.0)
      aws-sdk-core (~> 3, >= 3.99.0)
      aws-sigv4 (~> 1.1)
    aws-sdk-lightsail (1.35.0)
      aws-sdk-core (~> 3, >= 3.99.0)
      aws-sigv4 (~> 1.1)
    aws-sdk-machinelearning (1.22.0)
      aws-sdk-core (~> 3, >= 3.99.0)
      aws-sigv4 (~> 1.1)
    aws-sdk-macie (1.22.0)
      aws-sdk-core (~> 3, >= 3.99.0)
      aws-sigv4 (~> 1.1)
    aws-sdk-macie2 (1.5.0)
      aws-sdk-core (~> 3, >= 3.99.0)
      aws-sigv4 (~> 1.1)
    aws-sdk-managedblockchain (1.13.0)
      aws-sdk-core (~> 3, >= 3.99.0)
      aws-sigv4 (~> 1.1)
    aws-sdk-marketplacecatalog (1.5.0)
      aws-sdk-core (~> 3, >= 3.99.0)
      aws-sigv4 (~> 1.1)
    aws-sdk-marketplacecommerceanalytics (1.26.0)
      aws-sdk-core (~> 3, >= 3.99.0)
      aws-sigv4 (~> 1.1)
    aws-sdk-marketplaceentitlementservice (1.21.0)
      aws-sdk-core (~> 3, >= 3.99.0)
      aws-sigv4 (~> 1.1)
    aws-sdk-marketplacemetering (1.28.0)
      aws-sdk-core (~> 3, >= 3.99.0)
      aws-sigv4 (~> 1.1)
    aws-sdk-mediaconnect (1.24.0)
      aws-sdk-core (~> 3, >= 3.99.0)
      aws-sigv4 (~> 1.1)
    aws-sdk-mediaconvert (1.53.0)
      aws-sdk-core (~> 3, >= 3.99.0)
      aws-sigv4 (~> 1.1)
    aws-sdk-medialive (1.49.0)
      aws-sdk-core (~> 3, >= 3.99.0)
      aws-sigv4 (~> 1.1)
    aws-sdk-mediapackage (1.30.0)
      aws-sdk-core (~> 3, >= 3.99.0)
      aws-sigv4 (~> 1.1)
    aws-sdk-mediapackagevod (1.16.0)
      aws-sdk-core (~> 3, >= 3.99.0)
      aws-sigv4 (~> 1.1)
    aws-sdk-mediastore (1.27.0)
      aws-sdk-core (~> 3, >= 3.99.0)
      aws-sigv4 (~> 1.1)
    aws-sdk-mediastoredata (1.24.0)
      aws-sdk-core (~> 3, >= 3.99.0)
      aws-sigv4 (~> 1.1)
    aws-sdk-mediatailor (1.29.0)
      aws-sdk-core (~> 3, >= 3.99.0)
      aws-sigv4 (~> 1.1)
    aws-sdk-migrationhub (1.26.0)
      aws-sdk-core (~> 3, >= 3.99.0)
      aws-sigv4 (~> 1.1)
    aws-sdk-migrationhubconfig (1.6.0)
      aws-sdk-core (~> 3, >= 3.99.0)
      aws-sigv4 (~> 1.1)
    aws-sdk-mobile (1.21.0)
      aws-sdk-core (~> 3, >= 3.99.0)
      aws-sigv4 (~> 1.1)
    aws-sdk-mq (1.29.0)
      aws-sdk-core (~> 3, >= 3.99.0)
      aws-sigv4 (~> 1.1)
    aws-sdk-mturk (1.24.0)
      aws-sdk-core (~> 3, >= 3.99.0)
      aws-sigv4 (~> 1.1)
    aws-sdk-neptune (1.27.0)
      aws-sdk-core (~> 3, >= 3.99.0)
      aws-sigv4 (~> 1.1)
    aws-sdk-networkmanager (1.5.0)
      aws-sdk-core (~> 3, >= 3.99.0)
      aws-sigv4 (~> 1.1)
    aws-sdk-opsworks (1.27.0)
      aws-sdk-core (~> 3, >= 3.99.0)
      aws-sigv4 (~> 1.1)
    aws-sdk-opsworkscm (1.37.0)
      aws-sdk-core (~> 3, >= 3.99.0)
      aws-sigv4 (~> 1.1)
    aws-sdk-organizations (1.45.0)
      aws-sdk-core (~> 3, >= 3.99.0)
      aws-sigv4 (~> 1.1)
    aws-sdk-outposts (1.7.0)
      aws-sdk-core (~> 3, >= 3.99.0)
      aws-sigv4 (~> 1.1)
    aws-sdk-personalize (1.15.0)
      aws-sdk-core (~> 3, >= 3.99.0)
      aws-sigv4 (~> 1.1)
    aws-sdk-personalizeevents (1.9.0)
      aws-sdk-core (~> 3, >= 3.99.0)
      aws-sigv4 (~> 1.1)
    aws-sdk-personalizeruntime (1.13.0)
      aws-sdk-core (~> 3, >= 3.99.0)
      aws-sigv4 (~> 1.1)
    aws-sdk-pi (1.21.0)
      aws-sdk-core (~> 3, >= 3.99.0)
      aws-sigv4 (~> 1.1)
    aws-sdk-pinpoint (1.43.0)
      aws-sdk-core (~> 3, >= 3.99.0)
      aws-sigv4 (~> 1.1)
    aws-sdk-pinpointemail (1.21.0)
      aws-sdk-core (~> 3, >= 3.99.0)
      aws-sigv4 (~> 1.1)
    aws-sdk-pinpointsmsvoice (1.18.0)
      aws-sdk-core (~> 3, >= 3.99.0)
      aws-sigv4 (~> 1.1)
    aws-sdk-polly (1.34.0)
      aws-sdk-core (~> 3, >= 3.99.0)
      aws-sigv4 (~> 1.1)
    aws-sdk-pricing (1.21.0)
      aws-sdk-core (~> 3, >= 3.99.0)
      aws-sigv4 (~> 1.1)
    aws-sdk-qldb (1.8.0)
      aws-sdk-core (~> 3, >= 3.99.0)
      aws-sigv4 (~> 1.1)
    aws-sdk-qldbsession (1.6.0)
      aws-sdk-core (~> 3, >= 3.99.0)
      aws-sigv4 (~> 1.1)
    aws-sdk-quicksight (1.25.0)
      aws-sdk-core (~> 3, >= 3.99.0)
      aws-sigv4 (~> 1.1)
    aws-sdk-ram (1.19.0)
      aws-sdk-core (~> 3, >= 3.99.0)
      aws-sigv4 (~> 1.1)
    aws-sdk-rds (1.93.0)
      aws-sdk-core (~> 3, >= 3.99.0)
      aws-sigv4 (~> 1.1)
    aws-sdk-rdsdataservice (1.20.0)
      aws-sdk-core (~> 3, >= 3.99.0)
      aws-sigv4 (~> 1.1)
    aws-sdk-redshift (1.46.0)
      aws-sdk-core (~> 3, >= 3.99.0)
      aws-sigv4 (~> 1.1)
    aws-sdk-rekognition (1.42.0)
      aws-sdk-core (~> 3, >= 3.99.0)
      aws-sigv4 (~> 1.1)
    aws-sdk-resourcegroups (1.26.0)
      aws-sdk-core (~> 3, >= 3.99.0)
      aws-sigv4 (~> 1.1)
    aws-sdk-resourcegroupstaggingapi (1.28.0)
      aws-sdk-core (~> 3, >= 3.99.0)
      aws-sigv4 (~> 1.1)
    aws-sdk-resources (3.75.0)
      aws-sdk-accessanalyzer (~> 1)
      aws-sdk-acm (~> 1)
      aws-sdk-acmpca (~> 1)
      aws-sdk-alexaforbusiness (~> 1)
      aws-sdk-amplify (~> 1)
      aws-sdk-apigateway (~> 1)
      aws-sdk-apigatewaymanagementapi (~> 1)
      aws-sdk-apigatewayv2 (~> 1)
      aws-sdk-appconfig (~> 1)
      aws-sdk-applicationautoscaling (~> 1)
      aws-sdk-applicationdiscoveryservice (~> 1)
      aws-sdk-applicationinsights (~> 1)
      aws-sdk-appmesh (~> 1)
      aws-sdk-appstream (~> 1)
      aws-sdk-appsync (~> 1)
      aws-sdk-athena (~> 1)
      aws-sdk-augmentedairuntime (~> 1)
      aws-sdk-autoscaling (~> 1)
      aws-sdk-autoscalingplans (~> 1)
      aws-sdk-backup (~> 1)
      aws-sdk-batch (~> 1)
      aws-sdk-budgets (~> 1)
      aws-sdk-chime (~> 1)
      aws-sdk-cloud9 (~> 1)
      aws-sdk-clouddirectory (~> 1)
      aws-sdk-cloudformation (~> 1)
      aws-sdk-cloudfront (~> 1)
      aws-sdk-cloudhsm (~> 1)
      aws-sdk-cloudhsmv2 (~> 1)
      aws-sdk-cloudsearch (~> 1)
      aws-sdk-cloudsearchdomain (~> 1)
      aws-sdk-cloudtrail (~> 1)
      aws-sdk-cloudwatch (~> 1)
      aws-sdk-cloudwatchevents (~> 1)
      aws-sdk-cloudwatchlogs (~> 1)
      aws-sdk-codeartifact (~> 1)
      aws-sdk-codebuild (~> 1)
      aws-sdk-codecommit (~> 1)
      aws-sdk-codedeploy (~> 1)
      aws-sdk-codeguruprofiler (~> 1)
      aws-sdk-codegurureviewer (~> 1)
      aws-sdk-codepipeline (~> 1)
      aws-sdk-codestar (~> 1)
      aws-sdk-codestarconnections (~> 1)
      aws-sdk-codestarnotifications (~> 1)
      aws-sdk-cognitoidentity (~> 1)
      aws-sdk-cognitoidentityprovider (~> 1)
      aws-sdk-cognitosync (~> 1)
      aws-sdk-comprehend (~> 1)
      aws-sdk-comprehendmedical (~> 1)
      aws-sdk-computeoptimizer (~> 1)
      aws-sdk-configservice (~> 1)
      aws-sdk-connect (~> 1)
      aws-sdk-connectparticipant (~> 1)
      aws-sdk-costandusagereportservice (~> 1)
      aws-sdk-costexplorer (~> 1)
      aws-sdk-databasemigrationservice (~> 1)
      aws-sdk-dataexchange (~> 1)
      aws-sdk-datapipeline (~> 1)
      aws-sdk-datasync (~> 1)
      aws-sdk-dax (~> 1)
      aws-sdk-detective (~> 1)
      aws-sdk-devicefarm (~> 1)
      aws-sdk-directconnect (~> 1)
      aws-sdk-directoryservice (~> 1)
      aws-sdk-dlm (~> 1)
      aws-sdk-docdb (~> 1)
      aws-sdk-dynamodb (~> 1)
      aws-sdk-dynamodbstreams (~> 1)
      aws-sdk-ebs (~> 1)
      aws-sdk-ec2 (~> 1)
      aws-sdk-ec2instanceconnect (~> 1)
      aws-sdk-ecr (~> 1)
      aws-sdk-ecs (~> 1)
      aws-sdk-efs (~> 1)
      aws-sdk-eks (~> 1)
      aws-sdk-elasticache (~> 1)
      aws-sdk-elasticbeanstalk (~> 1)
      aws-sdk-elasticinference (~> 1)
      aws-sdk-elasticloadbalancing (~> 1)
      aws-sdk-elasticloadbalancingv2 (~> 1)
      aws-sdk-elasticsearchservice (~> 1)
      aws-sdk-elastictranscoder (~> 1)
      aws-sdk-emr (~> 1)
      aws-sdk-eventbridge (~> 1)
      aws-sdk-firehose (~> 1)
      aws-sdk-fms (~> 1)
      aws-sdk-forecastqueryservice (~> 1)
      aws-sdk-forecastservice (~> 1)
      aws-sdk-frauddetector (~> 1)
      aws-sdk-fsx (~> 1)
      aws-sdk-gamelift (~> 1)
      aws-sdk-glacier (~> 1)
      aws-sdk-globalaccelerator (~> 1)
      aws-sdk-glue (~> 1)
      aws-sdk-greengrass (~> 1)
      aws-sdk-groundstation (~> 1)
      aws-sdk-guardduty (~> 1)
      aws-sdk-health (~> 1)
      aws-sdk-honeycode (~> 1)
      aws-sdk-iam (~> 1)
      aws-sdk-imagebuilder (~> 1)
      aws-sdk-importexport (~> 1)
      aws-sdk-inspector (~> 1)
      aws-sdk-iot (~> 1)
      aws-sdk-iot1clickdevicesservice (~> 1)
      aws-sdk-iot1clickprojects (~> 1)
      aws-sdk-iotanalytics (~> 1)
      aws-sdk-iotdataplane (~> 1)
      aws-sdk-iotevents (~> 1)
      aws-sdk-ioteventsdata (~> 1)
      aws-sdk-iotjobsdataplane (~> 1)
      aws-sdk-iotsecuretunneling (~> 1)
      aws-sdk-iotsitewise (~> 1)
      aws-sdk-iotthingsgraph (~> 1)
      aws-sdk-kafka (~> 1)
      aws-sdk-kendra (~> 1)
      aws-sdk-kinesis (~> 1)
      aws-sdk-kinesisanalytics (~> 1)
      aws-sdk-kinesisanalyticsv2 (~> 1)
      aws-sdk-kinesisvideo (~> 1)
      aws-sdk-kinesisvideoarchivedmedia (~> 1)
      aws-sdk-kinesisvideomedia (~> 1)
      aws-sdk-kinesisvideosignalingchannels (~> 1)
      aws-sdk-kms (~> 1)
      aws-sdk-lakeformation (~> 1)
      aws-sdk-lambda (~> 1)
      aws-sdk-lambdapreview (~> 1)
      aws-sdk-lex (~> 1)
      aws-sdk-lexmodelbuildingservice (~> 1)
      aws-sdk-licensemanager (~> 1)
      aws-sdk-lightsail (~> 1)
      aws-sdk-machinelearning (~> 1)
      aws-sdk-macie (~> 1)
      aws-sdk-macie2 (~> 1)
      aws-sdk-managedblockchain (~> 1)
      aws-sdk-marketplacecatalog (~> 1)
      aws-sdk-marketplacecommerceanalytics (~> 1)
      aws-sdk-marketplaceentitlementservice (~> 1)
      aws-sdk-marketplacemetering (~> 1)
      aws-sdk-mediaconnect (~> 1)
      aws-sdk-mediaconvert (~> 1)
      aws-sdk-medialive (~> 1)
      aws-sdk-mediapackage (~> 1)
      aws-sdk-mediapackagevod (~> 1)
      aws-sdk-mediastore (~> 1)
      aws-sdk-mediastoredata (~> 1)
      aws-sdk-mediatailor (~> 1)
      aws-sdk-migrationhub (~> 1)
      aws-sdk-migrationhubconfig (~> 1)
      aws-sdk-mobile (~> 1)
      aws-sdk-mq (~> 1)
      aws-sdk-mturk (~> 1)
      aws-sdk-neptune (~> 1)
      aws-sdk-networkmanager (~> 1)
      aws-sdk-opsworks (~> 1)
      aws-sdk-opsworkscm (~> 1)
      aws-sdk-organizations (~> 1)
      aws-sdk-outposts (~> 1)
      aws-sdk-personalize (~> 1)
      aws-sdk-personalizeevents (~> 1)
      aws-sdk-personalizeruntime (~> 1)
      aws-sdk-pi (~> 1)
      aws-sdk-pinpoint (~> 1)
      aws-sdk-pinpointemail (~> 1)
      aws-sdk-pinpointsmsvoice (~> 1)
      aws-sdk-polly (~> 1)
      aws-sdk-pricing (~> 1)
      aws-sdk-qldb (~> 1)
      aws-sdk-qldbsession (~> 1)
      aws-sdk-quicksight (~> 1)
      aws-sdk-ram (~> 1)
      aws-sdk-rds (~> 1)
      aws-sdk-rdsdataservice (~> 1)
      aws-sdk-redshift (~> 1)
      aws-sdk-rekognition (~> 1)
      aws-sdk-resourcegroups (~> 1)
      aws-sdk-resourcegroupstaggingapi (~> 1)
      aws-sdk-robomaker (~> 1)
      aws-sdk-route53 (~> 1)
      aws-sdk-route53domains (~> 1)
      aws-sdk-route53resolver (~> 1)
      aws-sdk-s3 (~> 1)
      aws-sdk-s3control (~> 1)
      aws-sdk-sagemaker (~> 1)
      aws-sdk-sagemakerruntime (~> 1)
      aws-sdk-savingsplans (~> 1)
      aws-sdk-schemas (~> 1)
      aws-sdk-secretsmanager (~> 1)
      aws-sdk-securityhub (~> 1)
      aws-sdk-serverlessapplicationrepository (~> 1)
      aws-sdk-servicecatalog (~> 1)
      aws-sdk-servicediscovery (~> 1)
      aws-sdk-servicequotas (~> 1)
      aws-sdk-ses (~> 1)
      aws-sdk-sesv2 (~> 1)
      aws-sdk-shield (~> 1)
      aws-sdk-signer (~> 1)
      aws-sdk-simpledb (~> 1)
      aws-sdk-sms (~> 1)
      aws-sdk-snowball (~> 1)
      aws-sdk-sns (~> 1)
      aws-sdk-sqs (~> 1)
      aws-sdk-ssm (~> 1)
      aws-sdk-sso (~> 1)
      aws-sdk-ssooidc (~> 1)
      aws-sdk-states (~> 1)
      aws-sdk-storagegateway (~> 1)
      aws-sdk-support (~> 1)
      aws-sdk-swf (~> 1)
      aws-sdk-synthetics (~> 1)
      aws-sdk-textract (~> 1)
      aws-sdk-transcribeservice (~> 1)
      aws-sdk-transcribestreamingservice (~> 1)
      aws-sdk-transfer (~> 1)
      aws-sdk-translate (~> 1)
      aws-sdk-waf (~> 1)
      aws-sdk-wafregional (~> 1)
      aws-sdk-wafv2 (~> 1)
      aws-sdk-workdocs (~> 1)
      aws-sdk-worklink (~> 1)
      aws-sdk-workmail (~> 1)
      aws-sdk-workmailmessageflow (~> 1)
      aws-sdk-workspaces (~> 1)
      aws-sdk-xray (~> 1)
    aws-sdk-robomaker (1.26.0)
      aws-sdk-core (~> 3, >= 3.99.0)
      aws-sigv4 (~> 1.1)
    aws-sdk-route53 (1.40.0)
      aws-sdk-core (~> 3, >= 3.99.0)
      aws-sigv4 (~> 1.1)
    aws-sdk-route53domains (1.25.0)
      aws-sdk-core (~> 3, >= 3.99.0)
      aws-sigv4 (~> 1.1)
    aws-sdk-route53resolver (1.17.0)
      aws-sdk-core (~> 3, >= 3.99.0)
      aws-sigv4 (~> 1.1)
    aws-sdk-s3 (1.74.0)
      aws-sdk-core (~> 3, >= 3.102.1)
      aws-sdk-kms (~> 1)
      aws-sigv4 (~> 1.1)
    aws-sdk-s3control (1.21.0)
      aws-sdk-core (~> 3, >= 3.99.0)
      aws-sigv4 (~> 1.1)
    aws-sdk-sagemaker (1.63.0)
      aws-sdk-core (~> 3, >= 3.99.0)
      aws-sigv4 (~> 1.1)
    aws-sdk-sagemakerruntime (1.24.0)
      aws-sdk-core (~> 3, >= 3.99.0)
      aws-sigv4 (~> 1.1)
    aws-sdk-savingsplans (1.7.0)
      aws-sdk-core (~> 3, >= 3.99.0)
      aws-sigv4 (~> 1.1)
    aws-sdk-schemas (1.6.0)
      aws-sdk-core (~> 3, >= 3.99.0)
      aws-sigv4 (~> 1.1)
    aws-sdk-secretsmanager (1.40.0)
      aws-sdk-core (~> 3, >= 3.99.0)
      aws-sigv4 (~> 1.1)
    aws-sdk-securityhub (1.29.0)
      aws-sdk-core (~> 3, >= 3.99.0)
      aws-sigv4 (~> 1.1)
    aws-sdk-serverlessapplicationrepository (1.29.0)
      aws-sdk-core (~> 3, >= 3.99.0)
      aws-sigv4 (~> 1.1)
    aws-sdk-servicecatalog (1.43.0)
      aws-sdk-core (~> 3, >= 3.99.0)
      aws-sigv4 (~> 1.1)
    aws-sdk-servicediscovery (1.26.0)
      aws-sdk-core (~> 3, >= 3.99.0)
      aws-sigv4 (~> 1.1)
    aws-sdk-servicequotas (1.8.0)
      aws-sdk-core (~> 3, >= 3.99.0)
      aws-sigv4 (~> 1.1)
    aws-sdk-ses (1.33.0)
      aws-sdk-core (~> 3, >= 3.99.0)
      aws-sigv4 (~> 1.1)
    aws-sdk-sesv2 (1.8.0)
      aws-sdk-core (~> 3, >= 3.99.0)
      aws-sigv4 (~> 1.1)
    aws-sdk-shield (1.29.0)
      aws-sdk-core (~> 3, >= 3.99.0)
      aws-sigv4 (~> 1.1)
    aws-sdk-signer (1.23.0)
      aws-sdk-core (~> 3, >= 3.99.0)
      aws-sigv4 (~> 1.1)
    aws-sdk-simpledb (1.21.0)
      aws-sdk-core (~> 3, >= 3.99.0)
      aws-sigv2 (~> 1.0)
    aws-sdk-sms (1.23.0)
      aws-sdk-core (~> 3, >= 3.99.0)
      aws-sigv4 (~> 1.1)
    aws-sdk-snowball (1.31.0)
      aws-sdk-core (~> 3, >= 3.99.0)
      aws-sigv4 (~> 1.1)
    aws-sdk-sns (1.28.0)
      aws-sdk-core (~> 3, >= 3.99.0)
      aws-sigv4 (~> 1.1)
    aws-sdk-sqs (1.30.0)
      aws-sdk-core (~> 3, >= 3.99.0)
      aws-sigv4 (~> 1.1)
    aws-sdk-ssm (1.84.0)
      aws-sdk-core (~> 3, >= 3.99.0)
      aws-sigv4 (~> 1.1)
    aws-sdk-sso (1.6.0)
      aws-sdk-core (~> 3, >= 3.99.0)
      aws-sigv4 (~> 1.1)
    aws-sdk-ssooidc (1.5.0)
      aws-sdk-core (~> 3, >= 3.99.0)
      aws-sigv4 (~> 1.1)
    aws-sdk-states (1.31.0)
      aws-sdk-core (~> 3, >= 3.99.0)
      aws-sigv4 (~> 1.1)
    aws-sdk-storagegateway (1.45.0)
      aws-sdk-core (~> 3, >= 3.99.0)
      aws-sigv4 (~> 1.1)
    aws-sdk-support (1.25.0)
      aws-sdk-core (~> 3, >= 3.99.0)
      aws-sigv4 (~> 1.1)
    aws-sdk-swf (1.22.0)
      aws-sdk-core (~> 3, >= 3.99.0)
      aws-sigv4 (~> 1.1)
    aws-sdk-synthetics (1.5.0)
      aws-sdk-core (~> 3, >= 3.99.0)
      aws-sigv4 (~> 1.1)
    aws-sdk-textract (1.17.0)
      aws-sdk-core (~> 3, >= 3.99.0)
      aws-sigv4 (~> 1.1)
    aws-sdk-transcribeservice (1.45.0)
      aws-sdk-core (~> 3, >= 3.99.0)
      aws-sigv4 (~> 1.1)
    aws-sdk-transcribestreamingservice (1.17.0)
      aws-sdk-core (~> 3, >= 3.99.0)
      aws-sigv4 (~> 1.1)
    aws-sdk-transfer (1.23.0)
      aws-sdk-core (~> 3, >= 3.99.0)
      aws-sigv4 (~> 1.1)
    aws-sdk-translate (1.24.0)
      aws-sdk-core (~> 3, >= 3.99.0)
      aws-sigv4 (~> 1.1)
    aws-sdk-waf (1.33.0)
      aws-sdk-core (~> 3, >= 3.99.0)
      aws-sigv4 (~> 1.1)
    aws-sdk-wafregional (1.34.0)
      aws-sdk-core (~> 3, >= 3.99.0)
      aws-sigv4 (~> 1.1)
    aws-sdk-wafv2 (1.9.0)
      aws-sdk-core (~> 3, >= 3.99.0)
      aws-sigv4 (~> 1.1)
    aws-sdk-workdocs (1.25.0)
      aws-sdk-core (~> 3, >= 3.99.0)
      aws-sigv4 (~> 1.1)
    aws-sdk-worklink (1.18.0)
      aws-sdk-core (~> 3, >= 3.99.0)
      aws-sigv4 (~> 1.1)
    aws-sdk-workmail (1.27.0)
      aws-sdk-core (~> 3, >= 3.99.0)
      aws-sigv4 (~> 1.1)
    aws-sdk-workmailmessageflow (1.6.0)
      aws-sdk-core (~> 3, >= 3.99.0)
      aws-sigv4 (~> 1.1)
    aws-sdk-workspaces (1.40.0)
      aws-sdk-core (~> 3, >= 3.99.0)
      aws-sigv4 (~> 1.1)
    aws-sdk-xray (1.28.0)
      aws-sdk-core (~> 3, >= 3.99.0)
      aws-sigv4 (~> 1.1)
    aws-sigv2 (1.0.1)
    aws-sigv4 (1.2.1)
      aws-eventstream (~> 1, >= 1.0.2)
    aws_cf_signer (0.1.3)
    bcrypt (3.1.13)
    binding_of_caller (0.8.0)
      debug_inspector (>= 0.0.1)
    breadcrumbs_on_rails (3.0.1)
    builder (3.2.4)
    byebug (11.1.1)
    canonical-rails (0.2.11)
      rails (>= 4.1, < 6.2)
    climate_control (0.2.0)
    cloudinary (1.13.2)
      aws_cf_signer
      rest-client
    coderay (1.1.3)
    coffee-rails (4.1.1)
      coffee-script (>= 2.2.0)
      railties (>= 4.0.0, < 5.1.x)
    coffee-script (2.4.1)
      coffee-script-source
      execjs
    coffee-script-source (1.12.2)
    concurrent-ruby (1.1.6)
    crass (1.0.6)
    debug_inspector (0.0.3)
    delayed_job (4.1.8)
      activesupport (>= 3.0, < 6.1)
    delayed_job_active_record (4.1.4)
      activerecord (>= 3.0, < 6.1)
      delayed_job (>= 3.0, < 5)
    devise (4.7.1)
      bcrypt (~> 3.0)
      orm_adapter (~> 0.1)
      railties (>= 4.1.0)
      responders
      warden (~> 1.2.3)
    domain_name (0.5.20190701)
      unf (>= 0.0.5, < 1.0.0)
    ejs (1.1.1)
    erubis (2.7.0)
    execjs (2.7.0)
    ffi (1.12.2)
    formtastic (3.1.5)
      actionpack (>= 3.2.13)
    formtastic_i18n (0.6.0)
    friendly_id (5.2.5)
      activerecord (>= 4.0.0)
    globalid (0.4.2)
      activesupport (>= 4.2.0)
    globalize (5.3.0)
      activemodel (>= 4.2, < 6.1)
      activerecord (>= 4.2, < 6.1)
      request_store (~> 1.0)
    haml (5.1.2)
      temple (>= 0.8.0)
      tilt
    haml-rails (1.0.0)
      actionpack (>= 4.0.1)
      activesupport (>= 4.0.1)
      haml (>= 4.0.6, < 6.0)
      html2haml (>= 1.0.1)
      railties (>= 4.0.1)
    has_scope (0.7.2)
      actionpack (>= 4.1)
      activesupport (>= 4.1)
    html2haml (2.2.0)
      erubis (~> 2.7.0)
      haml (>= 4.0, < 6)
      nokogiri (>= 1.6.0)
      ruby_parser (~> 3.5)
    http-accept (1.7.0)
    http-cookie (1.0.3)
      domain_name (~> 0.5)
    i18n (0.9.5)
      concurrent-ruby (~> 1.0)
    image-picker-rails (0.2.4)
      railties (>= 3.0)
    inherited_resources (1.9.0)
      actionpack (>= 4.2, < 5.3)
      has_scope (~> 0.6)
      railties (>= 4.2, < 5.3)
      responders
    jbuilder (2.9.1)
      activesupport (>= 4.2.0)
    jmespath (1.4.0)
    jquery-rails (4.3.5)
      rails-dom-testing (>= 1, < 3)
      railties (>= 4.2.0)
      thor (>= 0.14, < 2.0)
    json (1.8.6)
    kaminari (1.2.0)
      activesupport (>= 4.1.0)
      kaminari-actionview (= 1.2.0)
      kaminari-activerecord (= 1.2.0)
      kaminari-core (= 1.2.0)
    kaminari-actionview (1.2.0)
      actionview
      kaminari-core (= 1.2.0)
    kaminari-activerecord (1.2.0)
      activerecord
      kaminari-core (= 1.2.0)
    kaminari-core (1.2.0)
    loofah (2.4.0)
      crass (~> 1.0.2)
      nokogiri (>= 1.5.9)
    mail (2.7.1)
      mini_mime (>= 0.1.1)
    method_source (0.9.2)
    mime-types (3.3.1)
      mime-types-data (~> 3.2015)
    mime-types-data (3.2019.1009)
    mimemagic (0.3.8)
      nokogiri (~> 1)
    mini_mime (1.0.2)
    mini_portile2 (2.4.0)
    minitest (5.14.0)
    netrc (0.11.0)
    nokogiri (1.10.8)
      mini_portile2 (~> 2.4.0)
    orm_adapter (0.5.0)
    paperclip (6.1.0)
      activemodel (>= 4.2.0)
      activesupport (>= 4.2.0)
      mime-types
      mimemagic (~> 0.3.0)
      terrapin (~> 0.6.0)
    passenger (6.0.10)
      rack
      rake (>= 0.8.1)
    pg (0.21.0)
    proxies (0.2.3)
    pry (0.12.2)
      coderay (~> 1.1.0)
      method_source (~> 0.9.0)
    pry-nav (0.3.0)
      pry (>= 0.9.10, < 0.13.0)
    public_suffix (4.0.6)
    rack (1.6.13)
    rack-mini-profiler (2.3.2)
      rack (>= 1.2.0)
    rack-test (0.6.3)
      rack (>= 1.0)
    rails (4.2.8)
      actionmailer (= 4.2.8)
      actionpack (= 4.2.8)
      actionview (= 4.2.8)
      activejob (= 4.2.8)
      activemodel (= 4.2.8)
      activerecord (= 4.2.8)
      activesupport (= 4.2.8)
      bundler (>= 1.3.0, < 2.0)
      railties (= 4.2.8)
      sprockets-rails
    rails-deprecated_sanitizer (1.0.3)
      activesupport (>= 4.2.0.alpha)
    rails-dom-testing (1.0.9)
      activesupport (>= 4.2.0, < 5.0)
      nokogiri (~> 1.6)
      rails-deprecated_sanitizer (>= 1.0.1)
    rails-html-sanitizer (1.3.0)
      loofah (~> 2.3)
    rails_12factor (0.0.3)
      rails_serve_static_assets
      rails_stdout_logging
    rails_serve_static_assets (0.0.5)
    rails_stdout_logging (0.0.5)
    railties (4.2.8)
      actionpack (= 4.2.8)
      activesupport (= 4.2.8)
      rake (>= 0.8.7)
      thor (>= 0.18.1, < 2.0)
    rake (13.0.1)
    ransack (1.8.10)
      actionpack (>= 3.0, < 5.2)
      activerecord (>= 3.0, < 5.2)
      activesupport (>= 3.0, < 5.2)
      i18n
    rb-fsevent (0.10.3)
    rb-inotify (0.10.1)
      ffi (~> 1.0)
    rdoc (4.3.0)
    redis (4.3.1)
    redis-actionpack (5.1.0)
      actionpack (>= 4.0, < 7)
      redis-rack (>= 1, < 3)
      redis-store (>= 1.1.0, < 2)
    redis-activesupport (5.2.1)
      activesupport (>= 3, < 7)
      redis-store (>= 1.3, < 2)
    redis-rack (2.0.6)
      rack (>= 1.5, < 3)
      redis-store (>= 1.2, < 2)
    redis-rails (5.0.2)
      redis-actionpack (>= 5.0, < 6)
      redis-activesupport (>= 5.0, < 6)
      redis-store (>= 1.2, < 2)
    redis-store (1.9.0)
      redis (>= 4, < 5)
    request_store (1.5.0)
      rack (>= 1.4)
    responders (2.4.1)
      actionpack (>= 4.2.0, < 6.0)
      railties (>= 4.2.0, < 6.0)
    rest-client (2.1.0)
      http-accept (>= 1.7.0, < 2.0)
      http-cookie (>= 1.0.2, < 2.0)
      mime-types (>= 1.16, < 4.0)
      netrc (~> 0.8)
    ruby_parser (3.14.2)
      sexp_processor (~> 4.9)
    s3 (0.3.29)
      addressable
      proxies
    sass (3.7.4)
      sass-listen (~> 4.0.0)
    sass-listen (4.0.0)
      rb-fsevent (~> 0.9, >= 0.9.4)
      rb-inotify (~> 0.9, >= 0.9.7)
    sass-rails (5.0.7)
      railties (>= 4.0.0, < 6)
      sass (~> 3.1)
      sprockets (>= 2.8, < 4.0)
      sprockets-rails (>= 2.0, < 4.0)
      tilt (>= 1.1, < 3)
    sdoc (0.4.2)
      json (~> 1.7, >= 1.7.7)
      rdoc (~> 4.0)
    sexp_processor (4.14.1)
    spring (2.1.0)
    sprockets (3.7.2)
      concurrent-ruby (~> 1.0)
      rack (> 1, < 3)
    sprockets-rails (3.2.1)
      actionpack (>= 4.0)
      activesupport (>= 4.0)
      sprockets (>= 3.0.0)
    temple (0.8.2)
    terrapin (0.6.0)
      climate_control (>= 0.0.3, < 1.0)
    thor (1.0.1)
    thread_safe (0.3.6)
    tilt (2.0.10)
    turbolinks (5.2.1)
      turbolinks-source (~> 5.2)
    turbolinks-source (5.2.0)
    tzinfo (1.2.6)
      thread_safe (~> 0.1)
    uglifier (4.2.0)
      execjs (>= 0.3.0, < 3)
    unf (0.1.4)
      unf_ext
    unf_ext (0.0.7.6)
    warden (1.2.7)
      rack (>= 1.0)
    web-console (2.3.0)
      activemodel (>= 4.0)
      binding_of_caller (>= 0.7.2)
      railties (>= 4.0)
      sprockets-rails (>= 2.0, < 4.0)

PLATFORMS
  ruby

DEPENDENCIES
  active_admin_editor!
  activeadmin
  activeadmin-globalize
  aws-sdk
  breadcrumbs_on_rails
  byebug
  canonical-rails
  cloudinary
  coffee-rails (~> 4.1.0)
  delayed_job_active_record
  devise
  friendly_id (~> 5.2.4)
  globalize
  haml-rails
  image-picker-rails
  jbuilder (~> 2.0)
  jquery-rails
  mimemagic (= 0.3.8)
  paperclip
  passenger (>= 5.0.25)
  pg (~> 0.20)
  pry-nav
  rack-mini-profiler
  rails (= 4.2.8)
  rails_12factor
  redis-rails
  s3
  sass-rails (~> 5.0)
  sdoc (~> 0.4.0)
  spring
  turbolinks
  uglifier (>= 1.3.0)
  web-console (~> 2.0)

RUBY VERSION
   ruby 2.6.0p0

BUNDLED WITH
   1.17.2
